GIT
  remote: git@bitbucket.org:onappcore/onapp-utils.git
  revision: 545919de40f3838aa70e415a5d14839bcfd7fc88
  tag: v5.0.0
  specs:
    onapp-utils (5.0.0)
      activesupport (= 3.2.22)

PATH
  remote: .
  specs:
    onapp-configuration (0.0.1)
      activerecord (= 3.2.22)
      onapp-utils (~> 5.0.0)

GEM
  remote: https://rubygems.org/
  specs:
    activemodel (3.2.22)
      activesupport (= 3.2.22)
      builder (~> 3.0.0)
    activerecord (3.2.22)
      activemodel (= 3.2.22)
      activesupport (= 3.2.22)
      arel (~> 3.0.2)
      tzinfo (~> 0.3.29)
    activesupport (3.2.22)
      i18n (~> 0.6, >= 0.6.4)
      multi_json (~> 1.0)
    arel (3.0.3)
    builder (3.0.4)
    coderay (1.1.1)
    diff-lcs (1.2.5)
    fuubar (2.0.0)
      rspec (~> 3.0)
      ruby-progressbar (~> 1.4)
    i18n (0.7.0)
    method_source (0.8.2)
    multi_json (1.12.1)
    pry (0.10.3)
      coderay (~> 1.1.0)
      method_source (~> 0.8.1)
      slop (~> 3.4)
    rspec (3.4.0)
      rspec-core (~> 3.4.0)
      rspec-expectations (~> 3.4.0)
      rspec-mocks (~> 3.4.0)
    rspec-core (3.4.4)
      rspec-support (~> 3.4.0)
    rspec-expectations (3.4.0)
      diff-lcs (>= 1.2.0, < 2.0)
      rspec-support (~> 3.4.0)
    rspec-mocks (3.4.1)
      diff-lcs (>= 1.2.0, < 2.0)
      rspec-support (~> 3.4.0)
    rspec-support (3.4.1)
    ruby-progressbar (1.8.1)
    slop (3.6.0)
    tzinfo (0.3.51)

PLATFORMS
  ruby

DEPENDENCIES
  fuubar
  onapp-configuration!
  onapp-utils!
  pry
  rspec

BUNDLED WITH
   1.12.5
